PATH
  remote: .
  specs:
    forbus (0.1.0)
      redis (~> 4.0)

GEM
  remote: https://rubygems.org/
  specs:
    amazing_print (1.4.0)
    diff-lcs (1.4.4)
    mock_redis (0.29.0)
      ruby2_keywords
    rake (13.0.6)
    redis (4.5.1)
    rspec (3.10.0)
      rspec-core (~> 3.10.0)
      rspec-expectations (~> 3.10.0)
      rspec-mocks (~> 3.10.0)
    rspec-core (3.10.1)
      rspec-support (~> 3.10.0)
    rspec-expectations (3.10.1)
      diff-lcs (>= 1.2.0, < 2.0)
      rspec-support (~> 3.10.0)
    rspec-mocks (3.10.2)
      diff-lcs (>= 1.2.0, < 2.0)
      rspec-support (~> 3.10.0)
    rspec-support (3.10.2)
    ruby2_keywords (0.0.5)

PLATFORMS
  ruby
  x86_64-darwin-19

DEPENDENCIES
  amazing_print
  forbus!
  mock_redis
  rake (~> 13.0)
  rspec (~> 3.0)

BUNDLED WITH
   2.2.29
